PATH
  remote: .
  specs:
    veda (0.0.1)
      gli (= 2.17.1)

GEM
  remote: https://rubygems.org/
  specs:
    aruba (0.14.3)
      childprocess (~> 0.8.0)
      contracts (~> 0.9)
      cucumber (>= 1.3.19)
      ffi (~> 1.9.10)
      rspec-expectations (>= 2.99)
      thor (~> 0.19)
    backports (3.11.0)
    builder (3.2.3)
    childprocess (0.8.0)
      ffi (~> 1.0, >= 1.0.11)
    coderay (1.1.1)
    contracts (0.16.0)
    cucumber (3.1.0)
      builder (>= 2.1.2)
      cucumber-core (~> 3.1.0)
      cucumber-expressions (~> 5.0.4)
      cucumber-wire (~> 0.0.1)
      diff-lcs (~> 1.3)
      gherkin (~> 5.0)
      multi_json (>= 1.7.5, < 2.0)
      multi_test (>= 0.1.2)
    cucumber-core (3.1.0)
      backports (>= 3.8.0)
      cucumber-tag_expressions (~> 1.1.0)
      gherkin (>= 5.0.0)
    cucumber-expressions (5.0.7)
    cucumber-tag_expressions (1.1.1)
    cucumber-wire (0.0.1)
    diff-lcs (1.3)
    ffi (1.9.18)
    gherkin (5.0.0)
    gli (2.17.1)
    method_source (0.8.2)
    multi_json (1.13.1)
    multi_test (0.1.2)
    pry (0.10.4)
      coderay (~> 1.1.0)
      method_source (~> 0.8.1)
      slop (~> 3.4)
    rake (12.3.0)
    rdoc (6.0.1)
    rspec-expectations (3.7.0)
      diff-lcs (>= 1.2.0, < 2.0)
      rspec-support (~> 3.7.0)
    rspec-support (3.7.0)
    slop (3.6.0)
    thor (0.20.0)

PLATFORMS
  ruby

DEPENDENCIES
  aruba
  pry
  rake
  rdoc
  veda!

BUNDLED WITH
   1.14.4
